GEM
  remote: https://rubygems.org/
  specs:
    byebug (10.0.2)
    coderay (1.1.2)
    combine_pdf (1.0.15)
      ruby-rc4 (>= 0.1.5)
    json (1.8.6)
    method_source (0.9.2)
    mime-types (1.25.1)
    pry (0.12.2)
      coderay (~> 1.1.0)
      method_source (~> 0.9.0)
    pry-byebug (3.6.0)
      byebug (~> 10.0)
      pry (~> 0.10)
    pry-doc (1.0.0)
      pry (~> 0.11)
      yard (~> 0.9.11)
    ruby-rc4 (0.1.5)
    yard (0.9.16)
    yomu (0.2.4)
      json (~> 1.8)
      mime-types (~> 1.23)

PLATFORMS
  ruby

DEPENDENCIES
  combine_pdf
  pry-byebug
  pry-doc
  yomu

BUNDLED WITH
   1.17.1
